GIT
  remote: git@github.com:LinioIT/capistrano-linio.git
  revision: aa9dcdbb349318cc536be8b9a366d9f230cab541
  specs:
    capistrano-linio (0.3.2)
      capistrano (~> 3.8)
      capistrano-aws (>= 1.1, < 1.3)
      capistrano-composer (~> 0.0)
      capistrano-copy-files (~> 0.0)
      colorize (~> 0.8)
      faraday (~> 0.10)
      terminal-table (~> 1.7)

GEM
  remote: https://rubygems.org/
  specs:
    airbrussh (1.3.0)
      sshkit (>= 1.6.1, != 1.7.0)
    aws-eventstream (1.0.1)
    aws-partitions (1.96.0)
    aws-sdk-core (3.23.0)
      aws-eventstream (~> 1.0)
      aws-partitions (~> 1.0)
      aws-sigv4 (~> 1.0)
      jmespath (~> 1.0)
    aws-sdk-ec2 (1.40.0)
      aws-sdk-core (~> 3)
      aws-sigv4 (~> 1.0)
    aws-sigv4 (1.0.3)
    capistrano (3.11.0)
      airbrussh (>= 1.0.0)
      i18n
      rake (>= 10.0.0)
      sshkit (>= 1.9.0)
    capistrano-aws (1.2.0)
      aws-sdk-ec2 (~> 1)
      colorize (~> 0.8)
      terminal-table (~> 1.7)
    capistrano-composer (0.0.6)
      capistrano (>= 3.0.0.pre)
    capistrano-copy-files (0.0.1)
      capistrano (>= 3.0.0)
    capistrano-file-permissions (1.0.0)
      capistrano (~> 3.0)
    capistrano-symfony (1.0.0.rc3)
      capistrano (~> 3.1)
      capistrano-composer (~> 0.0.3)
      capistrano-file-permissions (~> 1.0)
    colorize (0.8.1)
    concurrent-ruby (1.0.5)
    faraday (0.15.2)
      multipart-post (>= 1.2, < 3)
    i18n (1.0.1)
      concurrent-ruby (~> 1.0)
    jmespath (1.4.0)
    multipart-post (2.0.0)
    net-scp (1.2.1)
      net-ssh (>= 2.6.5)
    net-ssh (5.0.2)
    rake (12.3.1)
    sshkit (1.17.0)
      net-scp (>= 1.1.2)
      net-ssh (>= 2.8.0)
    terminal-table (1.8.0)
      unicode-display_width (~> 1.1, >= 1.1.1)
    unicode-display_width (1.4.0)

PLATFORMS
  ruby

DEPENDENCIES
  capistrano-linio!
  capistrano-symfony (~> 1.0.0.rc2)

BUNDLED WITH
   1.16.1
